GEM
  remote: https://rubygems.org/
  specs:
    victor (0.3.2)
    weighted_graph (0.1.2)

PLATFORMS
  ruby

DEPENDENCIES
  victor
  weighted_graph

RUBY VERSION
   ruby 2.7.2p137

BUNDLED WITH
   2.1.4
