GEM
  remote: https://rubygems.org/
  specs:
    adjacency_matrix (0.1.0)
      weighted_graph (~> 0.1.2)
    floyd_warshall (0.1.0)
      adjacency_matrix (~> 0.1.0)
      weighted_graph (~> 0.1.2)
    victor (0.3.2)
    weighted_graph (0.1.2)

PLATFORMS
  ruby

DEPENDENCIES
  adjacency_matrix
  floyd_warshall
  victor
  weighted_graph

RUBY VERSION
   ruby 2.7.2p137

BUNDLED WITH
   2.1.4
